GEM
  remote: http://rubygems.org/
  specs:
    activesupport (3.2.11)
      i18n (~> 0.6)
      multi_json (~> 1.0)
    i18n (0.6.1)
    multi_json (1.5.0)
    nokogiri (1.5.6)
    rack (1.5.2)
    rack-protection (1.5.0)
      rack
    ruby-progressbar (1.0.2)
    sinatra (1.4.2)
      rack (~> 1.5, >= 1.5.2)
      rack-protection (~> 1.4)
      tilt (~> 1.3, >= 1.3.4)
    tilt (1.3.6)

PLATFORMS
  ruby

DEPENDENCIES
  activesupport
  nokogiri
  ruby-progressbar
  sinatra
